PATH
  remote: .
  specs:
    fluent-plugin-shodan (0.0.3)
      fluentd (>= 0.12.0, < 2)
      io-console
      shodanz (~> 2.0)

GEM
  remote: https://rubygems.org/
  specs:
    async (1.30.1)
      console (~> 1.10)
      nio4r (~> 2.3)
      timers (~> 4.1)
    async-http (0.54.1)
      async (~> 1.25)
      async-io (~> 1.28)
      async-pool (~> 0.2)
      protocol-http (~> 0.21.0)
      protocol-http1 (~> 0.13.0)
      protocol-http2 (~> 0.14.0)
    async-io (1.32.2)
      async
    async-pool (0.3.9)
      async (>= 1.25)
    concurrent-ruby (1.1.9)
    console (1.14.0)
      fiber-local
    cool.io (1.7.1)
    fiber-local (1.0.0)
    fluentd (1.14.5)
      bundler
      cool.io (>= 1.4.5, < 2.0.0)
      http_parser.rb (>= 0.5.1, < 0.9.0)
      msgpack (>= 1.3.1, < 2.0.0)
      serverengine (>= 2.2.5, < 3.0.0)
      sigdump (~> 0.2.2)
      strptime (>= 0.2.4, < 1.0.0)
      tzinfo (>= 1.0, < 3.0)
      tzinfo-data (~> 1.0)
      webrick (>= 1.4.2, < 1.8.0)
      yajl-ruby (~> 1.0)
    http_parser.rb (0.8.0)
    io-console (0.5.11)
    msgpack (1.4.5)
    nio4r (2.5.8)
    power_assert (2.0.1)
    protocol-hpack (1.4.2)
    protocol-http (0.21.0)
    protocol-http1 (0.13.2)
      protocol-http (~> 0.19)
    protocol-http2 (0.14.2)
      protocol-hpack (~> 1.4)
      protocol-http (~> 0.18)
    rake (13.0.6)
    serverengine (2.2.5)
      sigdump (~> 0.2.2)
    shodanz (2.0.5)
      async (>= 1.17.1, < 1.31.0)
      async-http (>= 0.38.1, < 0.55.0)
    sigdump (0.2.4)
    strptime (0.2.5)
    test-unit (3.5.3)
      power_assert
    timers (4.3.3)
    tzinfo (2.0.4)
      concurrent-ruby (~> 1.0)
    tzinfo-data (1.2021.5)
      tzinfo (>= 1.0.0)
    webrick (1.7.0)
    yajl-ruby (1.4.1)

PLATFORMS
  ruby

DEPENDENCIES
  bundler (~> 2)
  fluent-plugin-shodan!
  rake (~> 13)
  test-unit (~> 3.5)

BUNDLED WITH
   2.1.4
